GEM
  remote: http://rubygems.org/
  specs:
    amqp (0.6.7)
      eventmachine (>= 0.12.4)
    builder (3.2.0)
    bundler08 (0.8.5)
    cucumber (1.2.3)
      builder (>= 2.1.2)
      diff-lcs (>= 1.1.3)
      gherkin (~> 2.11.6)
      multi_json (~> 1.3)
    cucumber-nagios (0.8.0)
      amqp (= 0.6.7)
      bundler08 (= 0.8.5)
      cucumber (>= 0.6.1)
      net-ssh (= 2.0.18)
      rake (>= 0.8.3)
      rspec (>= 1.3.0)
      templater (>= 1.0.0)
      webrat (= 0.7.0)
    diff-lcs (1.2.1)
    eventmachine (1.0.3)
    extlib (0.9.16)
    gherkin (2.11.6)
      json (>= 1.7.6)
    highline (1.6.16)
    json (1.7.7)
    multi_json (1.7.1)
    net-ssh (2.0.18)
    nokogiri (1.5.9)
    rack (1.5.2)
    rack-test (0.6.2)
      rack (>= 1.0)
    rake (10.0.3)
    rspec (2.13.0)
      rspec-core (~> 2.13.0)
      rspec-expectations (~> 2.13.0)
      rspec-mocks (~> 2.13.0)
    rspec-core (2.13.1)
    rspec-expectations (2.13.0)
      diff-lcs (>= 1.1.3, < 2.0)
    rspec-mocks (2.13.0)
    templater (1.0.0)
      diff-lcs (>= 1.1.2)
      extlib (>= 0.9.5)
      highline (>= 1.4.0)
    webrat (0.7.0)
      nokogiri (>= 1.2.0)
      rack (>= 1.0)
      rack-test (>= 0.5.3)

PLATFORMS
  ruby

DEPENDENCIES
  cucumber-nagios
